PATH
  remote: .
  specs:
    oc-chef-pedant (2.2.0)
      activesupport (>= 4.2.7.1, < 6.0)
      erubis (~> 2.7)
      mixlib-authentication (~> 1.4)
      mixlib-config (~> 2.0)
      mixlib-shellout (>= 1.1)
      net-http-spy (~> 0.2)
      rest-client (>= 1.6)
      rspec (~> 3.2)
      rspec-rerun (~> 1.0)
      rspec_junit_formatter (~> 0.2)

GEM
  remote: https://rubygems.org/
  specs:
    activesupport (5.0.1)
      concurrent-ruby (~> 1.0, >= 1.0.2)
      i18n (~> 0.7)
      minitest (~> 5.1)
      tzinfo (~> 1.1)
    builder (3.2.3)
    coderay (1.1.1)
    concurrent-ruby (1.0.4)
    diff-lcs (1.3)
    domain_name (0.5.20170404)
      unf (>= 0.0.5, < 1.0.0)
    erubis (2.7.0)
    http-cookie (1.0.3)
      domain_name (~> 0.5)
    i18n (0.8.1)
    method_source (0.8.2)
    mime-types (3.1)
      mime-types-data (~> 3.2015)
    mime-types-data (3.2016.0521)
    minitest (5.10.1)
    mixlib-authentication (1.4.1)
      mixlib-log
    mixlib-config (2.2.4)
    mixlib-log (1.7.1)
    mixlib-shellout (2.2.7)
    net-http-spy (0.2.1)
    netrc (0.11.0)
    pry (0.10.4)
      coderay (~> 1.1.0)
      method_source (~> 0.8.1)
      slop (~> 3.4)
    rake (12.0.0)
    rest-client (2.0.2)
      http-cookie (>= 1.0.2, < 2.0)
      mime-types (>= 1.16, < 4.0)
      netrc (~> 0.8)
    rspec (3.5.0)
      rspec-core (~> 3.5.0)
      rspec-expectations (~> 3.5.0)
      rspec-mocks (~> 3.5.0)
    rspec-core (3.5.4)
      rspec-support (~> 3.5.0)
    rspec-expectations (3.5.0)
      diff-lcs (>= 1.2.0, < 2.0)
      rspec-support (~> 3.5.0)
    rspec-mocks (3.5.0)
      diff-lcs (>= 1.2.0, < 2.0)
      rspec-support (~> 3.5.0)
    rspec-rerun (1.1.0)
      rspec (~> 3.0)
    rspec-support (3.5.0)
    rspec_junit_formatter (0.2.3)
      builder (< 4)
      rspec-core (>= 2, < 4, != 2.12.0)
    slop (3.6.0)
    thread_safe (0.3.6)
    tzinfo (1.2.2)
      thread_safe (~> 0.1)
    unf (0.1.4)
      unf_ext
    unf_ext (0.0.7.4)

PLATFORMS
  ruby

DEPENDENCIES
  oc-chef-pedant!
  pry
  rake

BUNDLED WITH
   1.15.1
