GIT
  remote: git://github.com/ClogenyTechnologies/omnibus-software.git
  revision: b066fd706095a09a43fd57d3fd265680d7fa7ff8
  branch: kd/ppc-chef-server
  specs:
    omnibus-software (4.0.0)

GIT
  remote: git://github.com/opscode/omnibus.git
  revision: c795b65bc796629c4e5b97ce21185b553caaf7e9
  specs:
    omnibus (4.0.0)
      chef-sugar (~> 3.0)
      cleanroom (~> 1.0)
      mixlib-shellout (~> 1.4)
      mixlib-versioning
      ohai (~> 7.2)
      ruby-progressbar (~> 1.7)
      thor (~> 0.18)
      uber-s3

GEM
  remote: https://rubygems.org/
  specs:
    chef-sugar (3.1.0)
    cleanroom (1.0.0)
    ffi (1.9.8)
    ffi-yajl (1.4.0)
      ffi (~> 1.5)
      libyajl2 (~> 1.2)
    ipaddress (0.8.0)
    libyajl2 (1.2.0)
    mime-types (1.25.1)
    mixlib-cli (1.5.0)
    mixlib-config (2.1.0)
    mixlib-log (1.6.0)
    mixlib-shellout (1.6.1)
    mixlib-versioning (1.0.0)
    ohai (7.4.1)
      ffi (~> 1.9)
      ffi-yajl (~> 1.1)
      ipaddress
      mime-types (~> 1.16)
      mixlib-cli
      mixlib-config (~> 2.0)
      mixlib-log
      mixlib-shellout (~> 1.2)
      systemu (~> 2.6.4)
      wmi-lite (~> 1.0)
    rake (10.4.2)
    ruby-progressbar (1.7.5)
    systemu (2.6.5)
    thor (0.19.1)
    uber-s3 (0.2.4)
      mime-types (~> 1.17)
    wmi-lite (1.0.0)

PLATFORMS
  ruby

DEPENDENCIES
  omnibus!
  omnibus-software!
  rake
