GIT
  remote: https://github.com/chef/chef_backup.git
  revision: bc1105b7d70ac59d4a90d547881f24595147523d
  specs:
    chef_backup (0.0.1)
      highline
      mixlib-shellout

GIT
  remote: https://github.com/chef/chef_secrets.git
  revision: 9098dd3c3ea22c11cadd7ae0a86e69ee5a105bda
  specs:
    veil (0.3.0)
      bcrypt (~> 3.1)
      pbkdf2

GIT
  remote: https://github.com/opscode/knife-ec-backup.git
  revision: 7cb318529fa11210108e68d5a8ba9c66b47e8481
  specs:
    knife-ec-backup (2.2.1)
      chef (>= 11.8)
      pg
      sequel
      veil

GIT
  remote: https://github.com/opscode/knife-opc.git
  revision: 30b6cd859ddabd7e6ddf046f2962782055af55e7
  specs:
    knife-opc (0.3.2)

PATH
  remote: .
  specs:
    libcs (0.1.0)
      chef_backup
      highline
      knife-ec-backup
      knife-opc
      mixlib-install (= 2.1.5)
      pg (= 0.17.1)
      rb-readline
      redis (= 3.3.3)
      rest-client (= 1.8.0)
      sequel
      veil

GEM
  remote: https://rubygems.org/
  specs:
    addressable (2.5.1)
      public_suffix (~> 2.0, >= 2.0.2)
    artifactory (2.8.2)
    ast (2.3.0)
    bcrypt (3.1.11)
    builder (3.2.3)
    chef (12.19.36)
      addressable
      bundler (>= 1.10)
      chef-config (= 12.19.36)
      chef-zero (>= 4.8)
      diff-lcs (~> 1.2, >= 1.2.4)
      erubis (~> 2.7)
      ffi-yajl (~> 2.2)
      highline (~> 1.6, >= 1.6.9)
      iniparse (~> 1.4)
      mixlib-archive (~> 0.4)
      mixlib-authentication (~> 1.4)
      mixlib-cli (~> 1.7)
      mixlib-log (~> 1.3)
      mixlib-shellout (~> 2.0)
      net-sftp (~> 2.1, >= 2.1.2)
      net-ssh (>= 2.9, < 5.0)
      net-ssh-multi (~> 1.2, >= 1.2.1)
      ohai (>= 8.6.0.alpha.1, < 13)
      plist (~> 3.2)
      proxifier (~> 1.0)
      rspec-core (~> 3.5)
      rspec-expectations (~> 3.5)
      rspec-mocks (~> 3.5)
      rspec_junit_formatter (~> 0.2.0)
      serverspec (~> 2.7)
      specinfra (~> 2.10)
      syslog-logger (~> 1.6)
      uuidtools (~> 2.1.5)
    chef-config (12.19.36)
      addressable
      fuzzyurl
      mixlib-config (~> 2.0)
      mixlib-shellout (~> 2.0)
    chef-zero (13.1.0)
      ffi-yajl (~> 2.2)
      hashie (>= 2.0, < 4.0)
      mixlib-log (~> 1.3)
      rack (~> 2.0)
      uuidtools (~> 2.1)
    chefstyle (0.6.0)
      rubocop (= 0.49.1)
    diff-lcs (1.3)
    docile (1.1.5)
    domain_name (0.5.20170404)
      unf (>= 0.0.5, < 1.0.0)
    erubis (2.7.0)
    ffi (1.9.18)
    ffi-yajl (2.3.1)
      libyajl2 (~> 1.2)
    fuzzyurl (0.9.0)
    hashie (3.5.6)
    highline (1.7.8)
    http-cookie (1.0.3)
      domain_name (~> 0.5)
    iniparse (1.4.4)
    ipaddress (0.8.3)
    json (2.1.0)
    libyajl2 (1.2.0)
    mime-types (2.99.3)
    mixlib-archive (0.4.1)
      mixlib-log
    mixlib-authentication (1.4.1)
      mixlib-log
    mixlib-cli (1.7.0)
    mixlib-config (2.2.4)
    mixlib-install (2.1.5)
      artifactory
      mixlib-shellout
      mixlib-versioning
      thor
    mixlib-log (1.7.1)
    mixlib-shellout (2.3.1)
    mixlib-versioning (1.1.0)
    multi_json (1.12.1)
    net-scp (1.2.1)
      net-ssh (>= 2.6.5)
    net-sftp (2.1.2)
      net-ssh (>= 2.6.5)
    net-ssh (4.1.0)
    net-ssh-gateway (2.0.0)
      net-ssh (>= 4.0.0)
    net-ssh-multi (1.2.1)
      net-ssh (>= 2.6.5)
      net-ssh-gateway (>= 1.2.0)
    net-telnet (0.1.1)
    netrc (0.11.0)
    ohai (8.23.0)
      chef-config (>= 12.5.0.alpha.1, < 13)
      ffi (~> 1.9)
      ffi-yajl (~> 2.2)
      ipaddress
      mixlib-cli
      mixlib-config (~> 2.0)
      mixlib-log (>= 1.7.1, < 2.0)
      mixlib-shellout (~> 2.0)
      plist (~> 3.1)
      systemu (~> 2.6.4)
      wmi-lite (~> 1.0)
    parallel (1.11.2)
    parser (2.4.0.0)
      ast (~> 2.2)
    pbkdf2 (0.1.0)
    pg (0.17.1)
    plist (3.3.0)
    powerpack (0.1.1)
    proxifier (1.0.3)
    public_suffix (2.0.5)
    rack (2.0.3)
    rainbow (2.2.2)
      rake
    rake (10.5.0)
    rb-readline (0.5.4)
    redis (3.3.3)
    rest-client (1.8.0)
      http-cookie (>= 1.0.2, < 2.0)
      mime-types (>= 1.16, < 3.0)
      netrc (~> 0.7)
    rspec (3.6.0)
      rspec-core (~> 3.6.0)
      rspec-expectations (~> 3.6.0)
      rspec-mocks (~> 3.6.0)
    rspec-core (3.6.0)
      rspec-support (~> 3.6.0)
    rspec-expectations (3.6.0)
      diff-lcs (>= 1.2.0, < 2.0)
      rspec-support (~> 3.6.0)
    rspec-its (1.2.0)
      rspec-core (>= 3.0.0)
      rspec-expectations (>= 3.0.0)
    rspec-mocks (3.6.0)
      diff-lcs (>= 1.2.0, < 2.0)
      rspec-support (~> 3.6.0)
    rspec-support (3.6.0)
    rspec_junit_formatter (0.2.3)
      builder (< 4)
      rspec-core (>= 2, < 4, != 2.12.0)
    rubocop (0.49.1)
      parallel (~> 1.10)
      parser (>= 2.3.3.1, < 3.0)
      powerpack (~> 0.1)
      rainbow (>= 1.99.1, < 3.0)
      ruby-progressbar (~> 1.7)
      unicode-display_width (~> 1.0, >= 1.0.1)
    ruby-progressbar (1.8.1)
    sequel (4.48.0)
    serverspec (2.39.1)
      multi_json
      rspec (~> 3.0)
      rspec-its
      specinfra (~> 2.68)
    sfl (2.3)
    simplecov (0.14.1)
      docile (~> 1.1.0)
      json (>= 1.8, < 3)
      simplecov-html (~> 0.10.0)
    simplecov-html (0.10.1)
    specinfra (2.69.0)
      net-scp
      net-ssh (>= 2.7, < 5.0)
      net-telnet
      sfl
    syslog-logger (1.6.8)
    systemu (2.6.5)
    thor (0.19.4)
    unf (0.1.4)
      unf_ext
    unf_ext (0.0.7.4)
    unicode-display_width (1.3.0)
    uuidtools (2.1.5)
    wmi-lite (1.0.0)

PLATFORMS
  ruby

DEPENDENCIES
  bundler (~> 1.15)
  chef (= 12.19.36)
  chef_backup!
  chefstyle
  knife-ec-backup!
  knife-opc!
  libcs!
  ohai (= 8.23.0)
  rake (~> 10.0)
  rspec (~> 3.0)
  simplecov
  veil!

BUNDLED WITH
   1.15.2
