GIT
  remote: https://github.com/chef/dep-selector
  revision: 3a9296c5fae808153d0752f35511d2a109f5b753
  specs:
    dep_selector (1.0.6)
      dep-selector-libgecode
      ffi

GIT
  remote: https://github.com/chef/erlectricity
  revision: 61fe8eafa5f25da57fea0ac2d65be0289e734b9e
  specs:
    erlectricity (1.1.1)

GEM
  remote: https://rubygems.org/
  specs:
    dep-selector-libgecode (1.3.5)
    ffi (1.17.2)
    ffi (1.17.2-aarch64-linux-gnu)
    ffi (1.17.2-aarch64-linux-musl)
    ffi (1.17.2-arm-linux-gnu)
    ffi (1.17.2-arm-linux-musl)
    ffi (1.17.2-arm64-darwin)
    ffi (1.17.2-x86-linux-gnu)
    ffi (1.17.2-x86-linux-musl)
    ffi (1.17.2-x86_64-darwin)
    ffi (1.17.2-x86_64-linux-gnu)
    ffi (1.17.2-x86_64-linux-musl)
    uuidtools (3.0.0)

PLATFORMS
  aarch64-linux-gnu
  aarch64-linux-musl
  arm-linux-gnu
  arm-linux-musl
  arm64-darwin
  ruby
  x86-linux-gnu
  x86-linux-musl
  x86_64-darwin
  x86_64-linux-gnu
  x86_64-linux-musl

DEPENDENCIES
  dep_selector!
  erlectricity!
  uuidtools

BUNDLED WITH
   2.6.9
