GIT
  remote: https://github.com/chef/dep-selector
  revision: a7d416379adf199402d6b72d544c6e00201aa52c
  specs:
    dep_selector (1.0.5)
      dep-selector-libgecode (~> 1.0)
      ffi (~> 1.9)

GIT
  remote: https://github.com/chef/erlectricity
  revision: 61fe8eafa5f25da57fea0ac2d65be0289e734b9e
  specs:
    erlectricity (1.1.1)

GEM
  remote: https://rubygems.org/
  specs:
    dep-selector-libgecode (1.3.1)
    ffi (1.9.18)
    uuidtools (2.1.5)

PLATFORMS
  ruby

DEPENDENCIES
  dep_selector!
  erlectricity!
  uuidtools

BUNDLED WITH
   1.15.1
