GIT
  remote: https://github.com/chef/dep-selector
  revision: 96b84448a9e399ec7326ef84f76458015c68e0c2
  branch: master
  specs:
    dep_selector (1.0.4)
      dep-selector-libgecode (~> 1.0)
      ffi (~> 1.9)

GIT
  remote: https://github.com/sdelano/erlectricity
  revision: 4ad8379b4e3ff2c6d4e852daaf04bc9103676d19
  branch: master
  specs:
    erlectricity (1.1.1)

GEM
  remote: https://rubygems.org/
  specs:
    dep-selector-libgecode (1.3.1)
    ffi (1.9.14)
    uuidtools (2.1.5)

PLATFORMS
  ruby

DEPENDENCIES
  dep_selector!
  erlectricity!
  uuidtools

BUNDLED WITH
   1.12.5
