GIT
  remote: git://github.com/chef/dep-selector
  revision: 7a75df69ae482768b439a28ab5e237459c6fa263
  branch: master
  specs:
    dep_selector (1.0.3)
      dep-selector-libgecode (~> 1.0)
      ffi (~> 1.9)

GIT
  remote: git://github.com/marcparadise/erlectricity
  revision: c059bdad14921942dc5e89fad1d7c9d8ef7c2fd5
  branch: mp/gcc-4.9.2-compat-fix
  specs:
    erlectricity (1.1.1)

GEM
  remote: https://rubygems.org/
  specs:
    dep-selector-libgecode (1.0.2)
    ffi (1.9.8)
    uuidtools (2.1.5)

PLATFORMS
  ruby

DEPENDENCIES
  dep_selector!
  erlectricity!
  uuidtools
