PATH
  remote: .
  specs:
    oc-bifrost-pedant (0.0.1)
      activesupport (~> 3.2.8)
      mixlib-config (~> 1.1.2)
      net-http-spy (~> 0.2.1)
      rest-client (~> 1.6.7)
      rspec (~> 2.11.0)
      rspec-rerun (= 0.1.1)
      rspec_junit_formatter (~> 0.1.1)

GEM
  remote: https://rubygems.org/
  specs:
    activesupport (3.2.11)
      i18n (~> 0.6)
      multi_json (~> 1.0)
    builder (3.1.4)
    diff-lcs (1.1.3)
    i18n (0.6.1)
    mime-types (1.19)
    mixlib-config (1.1.2)
    multi_json (1.5.0)
    net-http-spy (0.2.1)
    rest-client (1.6.7)
      mime-types (>= 1.16)
    rspec (2.11.0)
      rspec-core (~> 2.11.0)
      rspec-expectations (~> 2.11.0)
      rspec-mocks (~> 2.11.0)
    rspec-core (2.11.1)
    rspec-expectations (2.11.3)
      diff-lcs (~> 1.1.3)
    rspec-mocks (2.11.3)
    rspec-rerun (0.1.1)
      rspec (>= 2.11.0)
    rspec_junit_formatter (0.1.5)
      builder
      rspec (~> 2.0)
      rspec-core (!= 2.12.0)

PLATFORMS
  ruby

DEPENDENCIES
  oc-bifrost-pedant!

BUNDLED WITH
   1.10.6
