PATH
  remote: .
  specs:
    oc-bifrost-pedant (0.0.1)
      activesupport (>= 3.2.8, < 7.1.0)
      mixlib-config (>= 1.1.2, < 3.1.0)
      net-http-spy (~> 0.2.1)
      rest-client (>= 1.8, < 2.2)
      rspec (~> 2.11.0)
      rspec-rerun (= 0.3.1)
      rspec_junit_formatter (>= 0.1.1, < 0.6.0)

GEM
  remote: https://rubygems.org/
  specs:
    activesupport (7.0.4)
      concurrent-ruby (~> 1.0, >= 1.0.2)
      i18n (>= 1.6, < 2)
      minitest (>= 5.1)
      tzinfo (~> 2.0)
    bcrypt (3.1.18)
    concurrent-ruby (1.1.10)
    diff-lcs (1.1.3)
    domain_name (0.5.20190701)
      unf (>= 0.0.5, < 1.0.0)
    http-accept (1.7.0)
    http-cookie (1.0.4)
      domain_name (~> 0.5)
    i18n (1.12.0)
      concurrent-ruby (~> 1.0)
    mime-types (3.4.1)
      mime-types-data (~> 3.2015)
    mime-types-data (3.2022.0105)
    minitest (5.16.3)
    mixlib-config (3.0.27)
      tomlrb
    net-http-spy (0.2.1)
    netrc (0.11.0)
    pbkdf2 (0.1.0)
    rest-client (2.1.0)
      http-accept (>= 1.7.0, < 2.0)
      http-cookie (>= 1.0.2, < 2.0)
      mime-types (>= 1.16, < 4.0)
      netrc (~> 0.8)
    rspec (2.11.0)
      rspec-core (~> 2.11.0)
      rspec-expectations (~> 2.11.0)
      rspec-mocks (~> 2.11.0)
    rspec-core (2.11.1)
    rspec-expectations (2.11.3)
      diff-lcs (~> 1.1.3)
    rspec-mocks (2.11.3)
    rspec-rerun (0.3.1)
      rspec
    rspec_junit_formatter (0.5.1)
      rspec-core (>= 2, < 4, != 2.12.0)
    tomlrb (2.0.3)
    tzinfo (2.0.5)
      concurrent-ruby (~> 1.0)
    unf (0.1.4)
      unf_ext
    unf_ext (0.0.8)
    veil (0.3.11)
      bcrypt (~> 3.1)
      pbkdf2

PLATFORMS
  ruby

DEPENDENCIES
  oc-bifrost-pedant!
  veil

BUNDLED WITH
   2.1.4
