GIT
  remote: https://github.com/chef/chef_secrets
  revision: 47ae8d8d868fdc20c2d5bc19c77c65ae5da0a568
  branch: main
  specs:
    veil (0.3.9)
      bcrypt (~> 3.1)
      pbkdf2

PATH
  remote: .
  specs:
    oc-bifrost-pedant (0.0.1)
      activesupport (>= 3.2.8, < 6.2.0)
      mixlib-config (>= 1.1.2, < 3.1.0)
      net-http-spy (~> 0.2.1)
      rest-client (>= 1.8, < 2.2)
      rspec (>= 2.11, < 3.11)
      rspec-rerun (= 0.3.1)
      rspec_junit_formatter (>= 0.1.1, < 0.6.0)

GEM
  remote: https://rubygems.org/
  specs:
    activesupport (6.1.4.4)
      concurrent-ruby (~> 1.0, >= 1.0.2)
      i18n (>= 1.6, < 2)
      minitest (>= 5.1)
      tzinfo (~> 2.0)
      zeitwerk (~> 2.3)
    bcrypt (3.1.16)
    concurrent-ruby (1.1.9)
    diff-lcs (1.5.0)
    domain_name (0.5.20190701)
      unf (>= 0.0.5, < 1.0.0)
    http-accept (1.7.0)
    http-cookie (1.0.4)
      domain_name (~> 0.5)
    i18n (1.9.1)
      concurrent-ruby (~> 1.0)
    mime-types (3.4.1)
      mime-types-data (~> 3.2015)
    mime-types-data (3.2022.0105)
    minitest (5.15.0)
    mixlib-config (3.0.9)
      tomlrb
    net-http-spy (0.2.1)
    netrc (0.11.0)
    pbkdf2 (0.1.0)
    rest-client (2.1.0)
      http-accept (>= 1.7.0, < 2.0)
      http-cookie (>= 1.0.2, < 2.0)
      mime-types (>= 1.16, < 4.0)
      netrc (~> 0.8)
    rspec (3.10.0)
      rspec-core (~> 3.10.0)
      rspec-expectations (~> 3.10.0)
      rspec-mocks (~> 3.10.0)
    rspec-core (3.10.2)
      rspec-support (~> 3.10.0)
    rspec-expectations (3.10.2)
      diff-lcs (>= 1.2.0, < 2.0)
      rspec-support (~> 3.10.0)
    rspec-mocks (3.10.3)
      diff-lcs (>= 1.2.0, < 2.0)
      rspec-support (~> 3.10.0)
    rspec-rerun (0.3.1)
      rspec
    rspec-support (3.10.3)
    rspec_junit_formatter (0.5.1)
      rspec-core (>= 2, < 4, != 2.12.0)
    tomlrb (2.0.1)
    tzinfo (2.0.4)
      concurrent-ruby (~> 1.0)
    unf (0.1.4)
      unf_ext
    unf_ext (0.0.8)
    zeitwerk (2.5.4)

PLATFORMS
  ruby

DEPENDENCIES
  oc-bifrost-pedant!
  veil!

BUNDLED WITH
   1.17.3
