GIT
  remote: https://github.com/chef/chef_secrets
  revision: 9098dd3c3ea22c11cadd7ae0a86e69ee5a105bda
  specs:
    veil (0.3.0)
      bcrypt (~> 3.1)
      pbkdf2

PATH
  remote: .
  specs:
    oc-bifrost-pedant (0.0.1)
      activesupport (~> 3.2.8)
      mixlib-config (~> 1.1.2)
      net-http-spy (~> 0.2.1)
      rest-client (~> 1.6.7)
      rspec (~> 2.11.0)
      rspec-rerun (= 0.1.1)
      rspec_junit_formatter (~> 0.1.1)

GEM
  remote: https://rubygems.org/
  specs:
    activesupport (3.2.22.5)
      i18n (~> 0.6, >= 0.6.4)
      multi_json (~> 1.0)
    bcrypt (3.1.11)
    builder (3.2.3)
    concurrent-ruby (1.0.5)
    diff-lcs (1.1.3)
    i18n (0.9.1)
      concurrent-ruby (~> 1.0)
    mime-types (1.25.1)
    mixlib-config (1.1.2)
    multi_json (1.12.2)
    net-http-spy (0.2.1)
    pbkdf2 (0.1.0)
    rest-client (1.6.9)
      mime-types (~> 1.16)
    rspec (2.11.0)
      rspec-core (~> 2.11.0)
      rspec-expectations (~> 2.11.0)
      rspec-mocks (~> 2.11.0)
    rspec-core (2.11.1)
    rspec-expectations (2.11.3)
      diff-lcs (~> 1.1.3)
    rspec-mocks (2.11.3)
    rspec-rerun (0.1.1)
      rspec (>= 2.11.0)
    rspec_junit_formatter (0.1.6)
      builder
      rspec (~> 2.0)
      rspec-core (!= 2.12.0)

PLATFORMS
  ruby

DEPENDENCIES
  oc-bifrost-pedant!
  veil!

BUNDLED WITH
   1.14.3
