GEM
  remote: https://rubygems.org/
  specs:
    bcrypt (3.1.20)
    chef-utils (16.18.30)
    pbkdf2 (0.1.0)
    pg (0.16.0)
    sequel (3.34.1)
    veil (0.3.11)
      bcrypt (~> 3.1)
      pbkdf2

PLATFORMS
  ruby

DEPENDENCIES
  chef-utils (~> 16.17)
  pg (~> 0.16.0)
  sequel (~> 3.34.1)
  veil (= 0.3.11)

BUNDLED WITH
   2.2.15
