GIT
  remote: https://github.com/chef/chef_secrets
  revision: 3ada796f85085bc3d6777f0bc355ce9345db7adf
  specs:
    veil (0.3.0)
      bcrypt (~> 3.1)
      pbkdf2

GEM
  remote: http://rubygems.org/
  specs:
    addressable (2.4.0)
    amqp (0.6.7)
      eventmachine (>= 0.12.4)
    bcrypt (3.1.11)
    bunny (0.6.0)
    em-http-request (0.2.15)
      addressable (>= 2.0.0)
      eventmachine (>= 0.12.9)
    eventmachine (1.2.0.1)
    fast_xs (0.7.3)
      hoe (>= 2.3.2)
    highline (1.6.21)
    hoe (3.15.1)
      rake (>= 0.8, < 12.0)
    mixlib-log (1.1.0)
    pbkdf2 (0.1.0)
    rake (11.3.0)
    rspec (1.3.2)
    uuidtools (2.1.5)
    word-salad (1.0.0)
    yajl-ruby (1.3.0)

PLATFORMS
  ruby

DEPENDENCIES
  amqp (~> 0.6.7)
  bunny (~> 0.6.0)
  em-http-request (~> 0.2.11)
  eventmachine (~> 1.2.0)
  fast_xs (~> 0.7.3)
  highline (~> 1.6.1)
  mixlib-log (~> 1.1.0)
  rake (>= 0.8, < 13.0)
  rspec (~> 1.3)
  uuidtools (~> 2.1.1)
  veil!
  word-salad (~> 1.0.0)
  yajl-ruby (~> 1.3.0)

BUNDLED WITH
   1.15.1
