GEM
  remote: https://rubygems.org/
  specs:
    blankslate (2.1.2.4)
    parslet (1.5.0)
      blankslate (~> 2.0)
    toml (0.1.2)
      parslet (~> 1.5.0)

PLATFORMS
  ruby

DEPENDENCIES
  toml

BUNDLED WITH
   1.15.1
